PATH
  remote: .
  specs:
    algorithms (1.0.1)

GEM
  remote: https://rubygems.org/
  specs:
    diff-lcs (1.6.1)
    rake (13.2.1)
    rake-compiler (1.3.0)
      rake
    rspec (3.13.0)
      rspec-core (~> 3.13.0)
      rspec-expectations (~> 3.13.0)
      rspec-mocks (~> 3.13.0)
    rspec-core (3.13.3)
      rspec-support (~> 3.13.0)
    rspec-expectations (3.13.3)
      diff-lcs (>= 1.2.0, < 2.0)
      rspec-support (~> 3.13.0)
    rspec-mocks (3.13.2)
      diff-lcs (>= 1.2.0, < 2.0)
      rspec-support (~> 3.13.0)
    rspec-support (3.13.2)

PLATFORMS
  ruby
  x86_64-linux

DEPENDENCIES
  algorithms!
  rake-compiler
  rspec

BUNDLED WITH
   2.6.2
